GEM
  remote: https://rubygems.org/
  specs:
    activesupport (6.0.3.2)
      concurrent-ruby (~> 1.0, >= 1.0.2)
      i18n (>= 0.7, < 2)
      minitest (~> 5.1)
      tzinfo (~> 1.1)
      zeitwerk (~> 2.2, >= 2.2.2)
    claide (1.0.0.rc.1)
    cocoapods (1.0.0.rc.2)
      activesupport (>= 4.0.2)
      claide (= 1.0.0.rc.1)
      cocoapods-core (= 1.0.0.rc.2)
      cocoapods-deintegrate (= 1.0.0.rc.2)
      cocoapods-downloader (= 1.0.0.rc.1)
      cocoapods-plugins (= 1.0.0.rc.1)
      cocoapods-search (= 1.0.0.rc.1)
      cocoapods-stats (= 1.0.0.rc.1)
      cocoapods-trunk (= 1.0.0.rc.1)
      cocoapods-try (= 1.0.0.rc.1)
      colored (~> 1.2)
      escape (~> 0.0.4)
      fourflusher (~> 0.3.0)
      molinillo (~> 0.4.5)
      nap (~> 1.0)
      xcodeproj (= 1.0.0.rc.2)
    cocoapods-acknowledgements (1.1.1)
      redcarpet (~> 3.3)
    cocoapods-core (1.0.0.rc.2)
      activesupport (>= 4.0.2)
      fuzzy_match (~> 2.0.4)
      nap (~> 1.0)
    cocoapods-deintegrate (1.0.0.rc.2)
    cocoapods-downloader (1.0.0.rc.1)
    cocoapods-plugins (1.0.0.rc.1)
      nap
    cocoapods-search (1.0.0.rc.1)
    cocoapods-stats (1.0.0.rc.1)
    cocoapods-trunk (1.0.0.rc.1)
      nap (>= 0.8, < 2.0)
      netrc (= 0.7.8)
    cocoapods-try (1.0.0.rc.1)
    colored (1.2)
    concurrent-ruby (1.1.6)
    escape (0.0.4)
    fourflusher (0.3.0)
    fuzzy_match (2.0.4)
    i18n (1.8.4)
      concurrent-ruby (~> 1.0)
    minitest (5.14.1)
    molinillo (0.4.5)
    nap (1.1.0)
    netrc (0.7.8)
    redcarpet (3.3.4)
    rouge (1.10.1)
    thread_safe (0.3.6)
    tzinfo (1.2.7)
      thread_safe (~> 0.1)
    xcodeproj (1.0.0.rc.2)
      activesupport (>= 3)
      claide (= 1.0.0.rc.1)
      colored (~> 1.2)
    xcpretty (0.2.2)
      rouge (~> 1.8)
    zeitwerk (2.4.0)

PLATFORMS
  ruby

DEPENDENCIES
  cocoapods (= 1.0.0.rc.2)
  cocoapods-acknowledgements
  xcpretty

BUNDLED WITH
   1.11.2
